GEM
  remote: http://rubygems.org/
  specs:
    activesupport (3.0.9)
    chronic (0.6.1)
    crack (0.1.8)
    fakeweb (1.3.0)
    git (1.2.5)
    httparty (0.7.8)
      crack (= 0.1.8)
    jeweler (1.6.2)
      bundler (~> 1.0)
      git (>= 1.2.5)
      rake
    rake (0.9.2)
    rcov (0.9.9)
    will_paginate (3.0.pre2)

PLATFORMS
  ruby

DEPENDENCIES
  activesupport (~> 3.0.7)
  bundler (~> 1.0.0)
  chronic
  fakeweb
  httparty
  jeweler (~> 1.6.2)
  rcov
  will_paginate (~> 3.0.pre2)
