GEM
  remote: http://rubygems.org/
  specs:
    chronic (0.9.0)
    crack (0.3.2)
    fakeweb (1.3.0)
    git (1.2.5)
    httparty (0.10.0)
      multi_json (~> 1.0)
      multi_xml
    jeweler (1.8.4)
      bundler (~> 1.0)
      git (>= 1.2.5)
      rake
      rdoc
    json (1.7.6)
    multi_json (1.5.0)
    multi_xml (0.5.2)
    rake (10.0.3)
    rdoc (3.12)
      json (~> 1.4)
    will_paginate (3.0.4)

PLATFORMS
  ruby

DEPENDENCIES
  bundler
  chronic (~> 0.9.0)
  crack (~> 0.3.2)
  fakeweb
  httparty (~> 0.10.0)
  jeweler
  rake
  will_paginate (~> 3.0.4)
