GEM
  remote: http://rubygems.org/
  specs:
    activesupport (3.0.10)
    chronic (0.6.5)
    crack (0.1.8)
    fakeweb (1.3.0)
    git (1.2.5)
    httparty (0.7.8)
      crack (= 0.1.8)
    jeweler (1.6.4)
      bundler (~> 1.0)
      git (>= 1.2.5)
      rake
    rake (0.9.2.2)
    rcov (0.9.11)
    will_paginate (3.0.2)

PLATFORMS
  ruby

DEPENDENCIES
  activesupport (~> 3.0.10)
  bundler
  chronic
  fakeweb
  httparty (= 0.7.8)
  jeweler
  rake
  rcov
  will_paginate
