GEM
  remote: http://rubygems.org/
  specs:
    chronic (0.6.7)
    crack (0.3.1)
    fakeweb (1.3.0)
    git (1.2.5)
    httparty (0.8.1)
      multi_json
      multi_xml
    jeweler (1.8.3)
      bundler (~> 1.0)
      git (>= 1.2.5)
      rake
      rdoc
    json (1.6.5)
    multi_json (1.0.4)
    multi_xml (0.4.1)
    rake (0.9.2.2)
    rdoc (3.12)
      json (~> 1.4)
    will_paginate (3.0.3)

PLATFORMS
  ruby

DEPENDENCIES
  bundler
  chronic (~> 0.6)
  crack (~> 0.3)
  fakeweb
  httparty (~> 0.8)
  jeweler
  rake
  will_paginate (~> 3.0)
